GEM
  remote: http://rubygems.org/
  specs:
    colorize (0.7.5)
    ffi (1.11.1)
    ffi (1.11.1-x64-mingw32)
    ffi (1.11.1-x86-mingw32)
    filigree (0.3.0)
    rltk (3.0.0)
      ffi (>= 1.0.0)
      filigree (>= 0.2.0)

PLATFORMS
  ruby
  x64-mingw32
  x86-mingw32

DEPENDENCIES
  colorize
  rltk

BUNDLED WITH
   1.16.2
